GEM
  remote: http://rubygems.org/
  specs:
    charlock_holmes (0.7.3)
    diff-lcs (1.2.5)
    github-markdown (0.6.8)
    github-markup (1.3.3)
    gitlab-grit (2.7.3)
      charlock_holmes (~> 0.6)
      diff-lcs (~> 1.1)
      mime-types (~> 1.15)
      posix-spawn (~> 0.3)
    gollum-grit_adapter (1.0.0)
      gitlab-grit (~> 2.7, >= 2.7.1)
    gollum-lib (4.0.3)
      github-markup (~> 1.3.3)
      gollum-grit_adapter (~> 1.0)
      nokogiri (~> 1.6.4)
      rouge (~> 1.7.4)
      sanitize (~> 2.1.0)
      stringex (~> 2.5.1)
    mime-types (1.25.1)
    mini_portile (0.6.2)
    mustache (0.99.8)
    net-ldap (0.11)
    nokogiri (1.6.6.2)
      mini_portile (~> 0.6.0)
    posix-spawn (0.3.11)
    rack (1.6.1)
    rack-protection (1.5.3)
      rack
    rouge (1.7.7)
    sanitize (2.1.0)
      nokogiri (>= 1.4.4)
    sinatra (1.4.6)
      rack (~> 1.4)
      rack-protection (~> 1.4)
      tilt (>= 1.3, < 3)
    stringex (2.5.2)
    tilt (2.0.1)
    useragent (0.10.0)

PLATFORMS
  ruby

DEPENDENCIES
  github-markdown
  gollum-lib (~> 4.0, >= 4.0.1)
  mustache (>= 0.99.5, < 1.0.0)
  net-ldap
  sinatra (~> 1.4, >= 1.4.4)
  useragent (~> 0.10.0)
